GEM
  remote: http://rubygems.org/
  specs:
    activemodel (3.0.10)
      activesupport (= 3.0.10)
      builder (~> 2.1.2)
      i18n (~> 0.5.0)
    activesupport (3.0.10)
    builder (2.1.2)
    couch_potato (0.5.7)
      activemodel
      couchrest (>= 1.0.1)
      json
    couchrest (1.0.1)
      json (>= 1.4.6)
      mime-types (>= 1.15)
      rest-client (>= 1.5.1)
    diff-lcs (1.1.2)
    git (1.2.5)
    i18n (0.5.0)
    jeweler (1.6.4)
      bundler (~> 1.0)
      git (>= 1.2.5)
      rake
    json (1.5.3)
    mattmatt-validatable (1.8.4)
    mime-types (1.16)
    mocha (0.9.12)
    rake (0.9.2)
    rest-client (1.6.1)
      mime-types (>= 1.16)
    right_aws (2.1.0)
      right_http_connection (>= 1.2.5)
    right_http_connection (1.3.0)
    rocking_chair (0.4.2)
      couch_potato (= 0.5.7)
      couchrest (>= 1.0.1)
      jeweler
      rest-client (>= 1.6.1)
      simply_stored (= 0.6.8)
      simply_stored (>= 0.1.12)
      uuidtools
    rspec (2.5.0)
      rspec-core (~> 2.5.0)
      rspec-expectations (~> 2.5.0)
      rspec-mocks (~> 2.5.0)
    rspec-core (2.5.2)
    rspec-expectations (2.5.0)
      diff-lcs (~> 1.1.2)
    rspec-mocks (2.5.0)
    shoulda (2.11.3)
    shoulda-addons (0.2.3)
    simply_stored (0.6.8)
      activesupport
      activesupport (~> 3)
      couch_potato (= 0.5.7)
      couch_potato (>= 0.2.15)
      couchrest (= 1.0.1)
      mattmatt-validatable (= 1.8.4)
      mattmatt-validatable
      mocha
      rest-client (= 1.6.1)
      rest-client (>= 1.4.2)
      right_aws
      shoulda
      shoulda-addons
      uuidtools
    uuidtools (2.1.2)
    zucker (11)

PLATFORMS
  ruby

DEPENDENCIES
  couchrest
  rake
  rocking_chair
  rspec (>= 2.5.0)
  zucker
